PATH
  remote: .
  specs:
    snowflakeapirb (1.0.0)

GEM
  remote: https://rubygems.org/
  specs:
    rake (13.0.3)

PLATFORMS
  x64-mingw32

DEPENDENCIES
  rake (~> 13.0)
  snowflakeapirb!

BUNDLED WITH
   2.2.25
