PATH
  remote: .
  specs:
    snowflakeapirb (1.0.0)

GEM
  remote: https://rubygems.org/
  specs:
    faraday (1.7.0)
      faraday-em_http (~> 1.0)
      faraday-em_synchrony (~> 1.0)
      faraday-excon (~> 1.1)
      faraday-httpclient (~> 1.0.1)
      faraday-net_http (~> 1.0)
      faraday-net_http_persistent (~> 1.1)
      faraday-patron (~> 1.0)
      faraday-rack (~> 1.0)
      multipart-post (>= 1.2, < 3)
      ruby2_keywords (>= 0.0.4)
    faraday-em_http (1.0.0)
    faraday-em_synchrony (1.0.0)
    faraday-excon (1.1.0)
    faraday-httpclient (1.0.1)
    faraday-net_http (1.0.1)
    faraday-net_http_persistent (1.2.0)
    faraday-patron (1.0.0)
    faraday-rack (1.0.0)
    multipart-post (2.1.1)
    rake (13.0.3)
    ruby2_keywords (0.0.5)

PLATFORMS
  x64-mingw32
  x86_64-darwin-19

DEPENDENCIES
  faraday
  rake (~> 13.0)
  snowflakeapirb!

BUNDLED WITH
   2.2.25
